GEM
  remote: https://rubygems.org/
  specs:
    ffi (1.16.3)
    libusb (0.7.1)
      ffi (~> 1.0)
      mini_portile2 (~> 2.1)
    mini_portile2 (2.8.6)

PLATFORMS
  arm64-darwin-21
  arm64-darwin-23

DEPENDENCIES
  libusb

BUNDLED WITH
   2.3.15
